PATH
  remote: .
  specs:
    hash_out (0.1.3)

GEM
  remote: https://rubygems.org/
  specs:
    minitest (5.0.6)
    minitest-spec-expect (0.1.3)
      minitest (~> 5.0)
    rake (10.1.0)

PLATFORMS
  ruby

DEPENDENCIES
  hash_out!
  minitest-spec-expect (~> 0.1)
  rake
